PATH
  remote: .
  specs:
    sunspot_mongomapper (0.0.1)
      mongo_mapper
      sunspot (>= 1.1.0)
      sunspot_rails (>= 1.1.0)

GEM
  remote: http://rubygems.org/
  specs:
    activesupport (3.2.8)
      i18n (~> 0.6)
      multi_json (~> 1.0)
    bson (1.7.0)
    builder (3.1.3)
    i18n (0.6.1)
    jnunemaker-validatable (1.8.4)
      activesupport (>= 2.3.4)
    mongo (1.7.0)
      bson (~> 1.7.0)
    mongo_mapper (0.8.6)
      activesupport (>= 2.3.4)
      jnunemaker-validatable (~> 1.8.4)
      plucky (~> 0.3.6)
    multi_json (1.3.6)
    nokogiri (1.5.5)
    plucky (0.3.8)
      mongo (~> 1.3)
    pr_geohash (1.0.0)
    rr (1.0.4)
    rsolr (1.0.8)
      builder (>= 2.1.2)
    shoulda (3.1.1)
      shoulda-context (~> 1.0)
      shoulda-matchers (~> 1.2)
    shoulda-context (1.0.0)
    shoulda-matchers (1.3.0)
      activesupport (>= 3.0.0)
    sunspot (1.3.3)
      pr_geohash (~> 1.0)
      rsolr (~> 1.0.7)
    sunspot_rails (1.3.3)
      nokogiri
      sunspot (= 1.3.3)

PLATFORMS
  ruby

DEPENDENCIES
  rr
  shoulda
  sunspot_mongomapper!
